GIT
  remote: git://github.com/GH-EIDON/magentor.git
  revision: ae6e389c3445e2c06ae44b12e15ea0b1046b81d6
  specs:
    magentor (0.3.2)

GIT
  remote: git://github.com/barsoom/prawn-print.git
  revision: a6a987513e88fff94a8c2b9619ab12b75ff7d3a0
  specs:
    prawn-print (0.0.3)
      prawn (>= 0.12.0)

GIT
  remote: git://github.com/rafaels/formtastic-bootstrap.git
  revision: eae0a6573a8a07e5fec11d8f395149a1ccc8eda0
  specs:
    formtastic-bootstrap (2.0.1pre)
      formtastic (~> 2.2)
      formtastic-bootstrap

GIT
  remote: git://github.com/thedarkone/rails-dev-boost.git
  revision: 4445c2ec97debf49fc0d3753549e55e3e8178279
  specs:
    rails-dev-boost (0.3.0)
      railties (>= 3.0)

GEM
  remote: http://rubygems.org/
  specs:
    Ascii85 (1.0.2)
    actionmailer (3.2.14)
      actionpack (= 3.2.14)
      mail (~> 2.5.4)
    actionpack (3.2.14)
      activemodel (= 3.2.14)
      activesupport (= 3.2.14)
      builder (~> 3.0.0)
      erubis (~> 2.7.0)
      journey (~> 1.0.4)
      rack (~> 1.4.5)
      rack-cache (~> 1.2)
      rack-test (~> 0.6.1)
      sprockets (~> 2.2.1)
    activemodel (3.2.14)
      activesupport (= 3.2.14)
      builder (~> 3.0.0)
    activerecord (3.2.14)
      activemodel (= 3.2.14)
      activesupport (= 3.2.14)
      arel (~> 3.0.2)
      tzinfo (~> 0.3.29)
    activerecord-mysql2-retry-ext (0.2.0)
      activerecord (>= 3.1.0)
      mysql2 (~> 0.3)
    activeresource (3.2.14)
      activemodel (= 3.2.14)
      activesupport (= 3.2.14)
    activesupport (3.2.14)
      i18n (~> 0.6, >= 0.6.4)
      multi_json (~> 1.0)
    afm (0.2.0)
    aftership (4.1.0)
      httpclient (~> 2.5.2)
    akami (1.2.2)
      gyoku (>= 0.4.0)
      nokogiri
    arel (3.0.3)
    attr_encrypted (1.2.1)
      encryptor (>= 1.1.1)
    autocomplete-off (0.2.0)
      actionpack (>= 3.0.0)
      activesupport (>= 3.0.0)
    backup (3.4.0)
      open4 (~> 1.3.0)
      thor (>= 0.15.4, < 2)
    barby (0.5.1)
    bcrypt-ruby (3.0.1)
    better_errors (0.9.0)
      coderay (>= 1.0.0)
      erubis (>= 2.6.6)
    binding_of_caller (0.7.2)
      debug_inspector (>= 0.0.1)
    bootstrap-sass (2.3.0.1)
      sass (~> 3.2)
    breadcrumbs_on_rails (2.3.0)
    bson (1.9.1)
    bson_ext (1.9.1)
      bson (~> 1.9.1)
    builder (3.0.4)
    callsite (0.0.11)
    capistrano (2.15.4)
      highline
      net-scp (>= 1.0.0)
      net-sftp (>= 2.0.0)
      net-ssh (>= 2.0.14)
      net-ssh-gateway (>= 1.1.0)
    capistrano-db-tasks (0.2)
    capybara (2.2.0)
      mime-types (>= 1.16)
      nokogiri (>= 1.3.3)
      rack (>= 1.0.0)
      rack-test (>= 0.5.4)
      xpath (~> 2.0)
    carrierwave (0.8.0)
      activemodel (>= 3.2.0)
      activesupport (>= 3.2.0)
    childprocess (0.3.9)
      ffi (~> 1.0, >= 1.0.11)
    climate_control (0.0.3)
      activesupport (>= 3.0)
    clockwork (0.5.2)
      activesupport
      tzinfo (~> 0.3.35)
    cocaine (0.5.1)
      climate_control (>= 0.0.3, < 1.0)
    coderay (1.0.9)
    coffee-rails (3.2.2)
      coffee-script (>= 2.2.0)
      railties (~> 3.2.0)
    coffee-script (2.2.0)
      coffee-script-source
      execjs
    coffee-script-source (1.6.2)
    colorize (0.6.0)
    countries (0.9.3)
      currencies (~> 0.4.2)
    country_select (2.1.0)
      countries (~> 0.9, >= 0.9.3)
    cucumber (1.3.10)
      builder (>= 2.1.2)
      diff-lcs (>= 1.1.3)
      gherkin (~> 2.12)
      multi_json (>= 1.7.5, < 2.0)
      multi_test (>= 0.0.2)
    cucumber-rails (1.4.0)
      capybara (>= 1.1.2)
      cucumber (>= 1.2.0)
      nokogiri (>= 1.5.0)
      rails (>= 3.0.0)
    currencies (0.4.2)
    daemons (1.1.9)
    daemons-rails (1.1.2)
      daemons
      multi_json (~> 1.0)
      rails (~> 3.0)
    database_cleaner (1.2.0)
    date_validator (0.7.0)
      activemodel (>= 3)
    debug_inspector (0.0.2)
    delayed_job (3.0.5)
      activesupport (~> 3.0)
    delayed_job_active_record (0.4.4)
      activerecord (>= 2.1.0, < 4)
      delayed_job (~> 3.0)
    delayed_job_web (1.2.0)
      activerecord (> 3.0.0)
      delayed_job (> 2.0.3)
      haml (>= 3.1.3)
      rdoc
      sinatra (>= 0.9.2)
    devise (2.2.4)
      bcrypt-ruby (~> 3.0)
      orm_adapter (~> 0.1)
      railties (~> 3.1)
      warden (~> 1.2.1)
    devise_security_extension (0.7.2)
      devise (>= 2.0.0)
      rails (>= 3.1.1)
    diff-lcs (1.2.5)
    domain_name (0.5.15)
      unf (>= 0.0.5, < 1.0.0)
    ebayr (0.0.7)
      activesupport
    encryptor (1.1.3)
    erubis (2.7.0)
    eventmachine (1.0.3)
    excon (0.23.0)
    execjs (1.4.0)
      multi_json (~> 1.0)
    fedex (3.3.1)
      httparty (~> 0.11.0)
      nokogiri (~> 1.5.0)
    ffi (1.9.3)
    formtastic (2.2.1)
      actionpack (>= 3.0)
    gelf (1.4.0)
      json
    geocoder (1.2.6)
    gherkin (2.12.2)
      multi_json (~> 1.3)
    gyoku (1.1.1)
      builder (>= 2.1.2)
    haml (4.0.3)
      tilt
    hashery (2.1.0)
    headless (1.0.1)
    highline (1.6.19)
    hike (1.2.3)
    http-cookie (1.0.2)
      domain_name (~> 0.5)
    httparty (0.11.0)
      multi_json (~> 1.0)
      multi_xml (>= 0.5.2)
    httpclient (2.5.3.3)
    httpi (2.1.1)
      rack
      rubyntlm (~> 0.3.2)
    i18n (0.6.9)
    i18n-js (2.1.2)
      i18n
    i18n-missing_translations (0.0.2)
      i18n (~> 0.6.0)
    jeff (0.6.4)
      excon (~> 0.23.0)
    journey (1.0.4)
    jquery-datatables-rails (1.11.2)
      jquery-rails
    jquery-rails (3.0.1)
      railties (>= 3.0, < 5.0)
      thor (>= 0.14, < 2.0)
    jquery-ui-rails (4.0.3)
      jquery-rails
      railties (>= 3.1.0)
    json (1.8.1)
    kaminari (0.14.1)
      actionpack (>= 3.0.0)
      activesupport (>= 3.0.0)
    libv8 (3.16.14.3)
    little-plugger (1.1.3)
    logging (1.8.2)
      little-plugger (>= 1.1.3)
      multi_json (>= 1.8.4)
    mail (2.5.4)
      mime-types (~> 1.16)
      treetop (~> 1.4.8)
    mechanize (2.7.2)
      domain_name (~> 0.5, >= 0.5.1)
      http-cookie (~> 1.0.0)
      mime-types (~> 1.17, >= 1.17.2)
      net-http-digest_auth (~> 1.1, >= 1.1.1)
      net-http-persistent (~> 2.5, >= 2.5.2)
      nokogiri (~> 1.4)
      ntlm-http (~> 0.1, >= 0.1.1)
      webrobots (>= 0.0.9, < 0.2)
    meta_request (0.2.6)
      callsite
      rack-contrib
      railties
    mime-types (1.25.1)
    multi_json (1.10.1)
    multi_test (0.0.3)
    multi_xml (0.5.5)
    mws-connect (0.0.4)
      logging (>= 1.8.0)
      nokogiri (>= 1.5.5)
    mysql2 (0.3.13)
    net-http-digest_auth (1.4)
    net-http-persistent (2.9)
    net-scp (1.1.2)
      net-ssh (>= 2.6.5)
    net-sftp (2.1.2)
      net-ssh (>= 2.6.5)
    net-ssh (2.6.8)
    net-ssh-gateway (1.2.0)
      net-ssh (>= 2.6.5)
    nokogiri (1.5.10)
    nori (2.3.0)
    ntlm-http (0.1.1)
    open4 (1.3.0)
    orm_adapter (0.4.0)
    paperclip (3.4.2)
      activemodel (>= 3.0.0)
      activerecord (>= 3.0.0)
      activesupport (>= 3.0.0)
      cocaine (~> 0.5.0)
      mime-types
    pdf-reader (1.3.3)
      Ascii85 (~> 1.0.0)
      afm (~> 0.2.0)
      hashery (~> 2.0)
      ruby-rc4
      ttfunk
    peddler (0.4.3)
      jeff (~> 0.6.0)
    polyglot (0.3.5)
    prawn (0.12.0)
      pdf-reader (>= 0.9.0)
      ttfunk (~> 1.0.2)
    prawnto_2 (0.2.6)
      prawn (>= 0.6.0)
      rails (>= 3.1)
    prototype-rails (3.2.1)
      rails (~> 3.2)
    quiet_assets (1.0.2)
      railties (>= 3.1, < 5.0)
    rack (1.4.5)
    rack-cache (1.2)
      rack (>= 0.4)
    rack-contrib (1.1.0)
      rack (>= 0.9.1)
    rack-protection (1.5.0)
      rack
    rack-ssl (1.3.4)
      rack
    rack-test (0.6.2)
      rack (>= 1.0)
    rails (3.2.14)
      actionmailer (= 3.2.14)
      actionpack (= 3.2.14)
      activerecord (= 3.2.14)
      activeresource (= 3.2.14)
      activesupport (= 3.2.14)
      bundler (~> 1.0)
      railties (= 3.2.14)
    rails3-jquery-autocomplete (1.0.11)
      rails (~> 3.0)
    rails_bootstrap_navbar (0.1.5.beta)
      rails (>= 3.0.0)
    rails_email_validator (0.1.4)
      activemodel (>= 3.0.0)
    railties (3.2.14)
      actionpack (= 3.2.14)
      activesupport (= 3.2.14)
      rack-ssl (~> 1.3.2)
      rake (>= 0.8.7)
      rdoc (~> 3.4)
      thor (>= 0.14.6, < 2.0)
    rake (10.0.3)
    rb-fsevent (0.9.4)
    rdoc (3.12.2)
      json (~> 1.4)
    ref (1.0.5)
    remotipart (1.2.1)
    rollbar (1.4.2)
      multi_json (~> 1.3)
    roo (1.13.2)
      nokogiri
      rubyzip
      spreadsheet (> 0.6.4)
    ruby-ole (1.2.11.7)
    ruby-rc4 (0.1.5)
    rubyntlm (0.3.4)
    rubyzip (1.1.0)
    rvm-capistrano (1.5.1)
      capistrano (~> 2.15.4)
    sass (3.2.9)
    sass-rails (3.2.6)
      railties (~> 3.2.0)
      sass (>= 3.1.10)
      tilt (~> 1.3)
    savon (2.3.3)
      akami (~> 1.2.0)
      builder (>= 2.1.2)
      gyoku (~> 1.1.0)
      httpi (~> 2.1.0)
      nokogiri (>= 1.4.0)
      nori (~> 2.3.0)
      wasabi (~> 3.2.2)
    selenium-webdriver (2.39.0)
      childprocess (>= 0.2.5)
      multi_json (~> 1.0)
      rubyzip (~> 1.0)
      websocket (~> 1.0.4)
    silencer (0.6.0)
      railties (>= 3)
    sinatra (1.4.3)
      rack (~> 1.4)
      rack-protection (~> 1.4)
      tilt (~> 1.3, >= 1.3.4)
    spreadsheet (0.9.7)
      ruby-ole (>= 1.0)
    sprockets (2.2.2)
      hike (~> 1.2)
      multi_json (~> 1.0)
      rack (~> 1.0)
      tilt (~> 1.1, != 1.3.0)
    therubyracer (0.12.0)
      libv8 (~> 3.16.14.0)
      ref
    thin (1.5.1)
      daemons (>= 1.0.9)
      eventmachine (>= 0.12.6)
      rack (>= 1.0.0)
    thor (0.19.1)
    tilt (1.4.1)
    treetop (1.4.15)
      polyglot
      polyglot (>= 0.3.1)
    ttfunk (1.0.3)
    tzinfo (0.3.39)
    uglifier (2.1.1)
      execjs (>= 0.3.0)
      multi_json (~> 1.0, >= 1.0.2)
    unf (0.1.3)
      unf_ext
    unf_ext (0.0.6)
    warden (1.2.1)
      rack (>= 1.0)
    wasabi (3.2.3)
      httpi (~> 2.0)
      mime-types (< 2.0.0)
      nokogiri (>= 1.4.0)
    webrobots (0.1.1)
    websocket (1.0.7)
    xpath (2.0.0)
      nokogiri (~> 1.3)

PLATFORMS
  ruby

DEPENDENCIES
  activerecord-mysql2-retry-ext
  aftership (~> 4.1.0)
  attr_encrypted
  autocomplete-off
  backup
  barby
  better_errors
  binding_of_caller
  bootstrap-sass (~> 2.3.0.1)
  breadcrumbs_on_rails
  bson_ext
  capistrano (= 2.15.4)
  capistrano-db-tasks
  carrierwave
  clockwork
  coffee-rails (~> 3.2.1)
  colorize
  countries
  country_select
  cucumber
  cucumber-rails
  daemons-rails (~> 1.1.0)
  database_cleaner
  date_validator
  delayed_job_active_record
  delayed_job_web
  devise
  devise_security_extension
  ebayr
  execjs
  fedex
  formtastic
  formtastic-bootstrap!
  gelf
  geocoder
  headless
  httpi (~> 2.1.0)
  i18n-js (>= 2.0.0)
  i18n-missing_translations
  jquery-datatables-rails
  jquery-ui-rails
  json
  kaminari
  libv8
  magentor!
  mechanize
  meta_request
  mws-connect (~> 0.0.4)
  mysql2 (= 0.3.13)
  nokogiri
  open4
  paperclip (~> 3.0)
  peddler (= 0.4.3)
  prawn
  prawn-print!
  prawnto_2
  prototype-rails
  quiet_assets
  rails (= 3.2.14)
  rails-dev-boost!
  rails3-jquery-autocomplete
  rails_bootstrap_navbar
  rails_email_validator
  rake (= 10.0.3)
  rb-fsevent (>= 0.9.1)
  remotipart (~> 1.2)
  rollbar
  roo
  rvm-capistrano
  sass-rails (~> 3.2.3)
  savon (~> 2.3.0)
  selenium-webdriver
  silencer
  sprockets (~> 2.0)
  therubyracer
  thin
  uglifier (>= 1.0.3)
